GEM
  remote: https://rubygems.org/
  specs:
    coderay (1.1.3)
    diff-lcs (1.5.0)
    method_source (1.0.0)
    pry (0.14.1)
      coderay (~> 1.1)
      method_source (~> 1.0)
    rspec (3.11.0)
      rspec-core (~> 3.11.0)
      rspec-expectations (~> 3.11.0)
      rspec-mocks (~> 3.11.0)
    rspec-core (3.11.0)
      rspec-support (~> 3.11.0)
    rspec-expectations (3.11.0)
      diff-lcs (>= 1.2.0, < 2.0)
      rspec-support (~> 3.11.0)
    rspec-mocks (3.11.0)
      diff-lcs (>= 1.2.0, < 2.0)
      rspec-support (~> 3.11.0)
    rspec-support (3.11.0)
    sorbet (0.5.9644)
      sorbet-static (= 0.5.9644)
    sorbet-runtime (0.5.9644)
    sorbet-static (0.5.9644-universal-darwin-14)

PLATFORMS
  ruby

DEPENDENCIES
  pry (~> 0.14.1)
  rspec (~> 3.11)
  sorbet (~> 0.5.9644)
  sorbet-runtime (~> 0.5.9644)

BUNDLED WITH
   2.1.4
